{
    "TaskName": "catFR1",
    "Manufacturer": "n/a",
    "PowerLineFrequency": 60.0,
    "SamplingFrequency": 999.0,
    "SoftwareFilters": "n/a",
    "RecordingDuration": 2679.703703703704,
    "RecordingType": "continuous",
    "iEEGReference": "monopolar",
    "ECOGChannelCount": 35,
    "SEEGChannelCount": 91,
    "EEGChannelCount": 0,
    "EOGChannelCount": 0,
    "ECGChannelCount": 0,
    "EMGChannelCount": 0,
    "MiscChannelCount": 0,
    "TriggerChannelCount": 0,
    "TaskDescription": "delayed free recall of categorized word lists",
    "HardwareFilters": "n/a"
}
