{"TaskName": "catFR1", "Manufacturer": "Blackrock", "PowerLineFrequency": 60.0, "SamplingFrequency": 1000.0, "SoftwareFilters": "n/a", "RecordingDuration": 4125.926, "RecordingType": "continuous", "iEEGReference": "monopolar", "ECOGChannelCount": 0, "SEEGChannelCount": 126, "EEGChannelCount": 0, "EOGChannelCount": 0, "ECGChannelCount": 0, "EMGChannelCount": 0, "MiscChannelCount": 0, "TriggerChannelCount": 0, "TaskDescription": "delayed free recall of categorized word lists", "HardwareFilters": "n/a", "ElectricalStimulation": false}