{"TaskName": "catFR1", "Manufacturer": "Medtronic", "PowerLineFrequency": 60.0, "SamplingFrequency": 1000.0, "SoftwareFilters": "n/a", "RecordingDuration": 2110.544, "RecordingType": "continuous", "iEEGReference": "monopolar", "ECOGChannelCount": 0, "SEEGChannelCount": 146, "EEGChannelCount": 4, "EOGChannelCount": 0, "ECGChannelCount": 0, "EMGChannelCount": 0, "MiscChannelCount": 0, "TriggerChannelCount": 0, "TaskDescription": "delayed free recall of categorized word lists", "HardwareFilters": "n/a", "ElectricalStimulation": false}